GEM
  remote: https://rubygems.org/
  specs:
    archive-zip (0.8.0)
      io-like (~> 0.3.0)
    gqtp (1.0.6)
    groonga-client (0.3.1)
      gqtp (>= 1.0.4)
      groonga-command (>= 1.2.8)
      hashie
    groonga-command (1.2.9)
      json
    hashie (3.4.6)
    io-like (0.3.0)
    json (2.0.2)
    mini_portile2 (2.1.0)
    nokogiri (1.6.8.1)
      mini_portile2 (~> 2.1.0)
    pkg-config (1.1.7)
    rroonga (6.0.9)
      archive-zip
      groonga-client (>= 0.0.3)
      json
      pkg-config

PLATFORMS
  ruby

DEPENDENCIES
  nokogiri
  rroonga

BUNDLED WITH
   1.12.5
